{
  "PowerLineFrequency": 60,
  "SoftwareFilters": {
    "FilterDescription": {
      "Description": "none"
    }
  },
  "HardwareFilters": {
    "FilterDescription": {
      "Description": "none"
    }
  },
  "SoftwareVersions": "Brainvision PyCorder 1.0.9",
  "ManufacturersModelName": "actiCHamp",
  "Manufacturer": "Brain Vision",
  "EEGPlacementScheme": "custom based on 10-20",
  "EEGGround": "AFz",
  "EEGReference": "common",
  "CapManufacturersModelName": "Easy Cap Classic",
  "CapManufacturer": "Easy Cap",
  "InstitutionName": "\"Mt. Holyoke College, University of Richmond, Claremont McKenna College\"",
  "TaskName": "FacePerception",
  "EEGChannelCount": 29,
  "EOGChannelCount": 3,
  "RecordingType": "continuous",
  "RecordingDuration": 765.65,
  "SamplingFrequency": 500
}